GEM
  remote: https://rubygems.org/
  specs:
    addressable (2.8.0)
      public_suffix (>= 2.0.2, < 5.0)
    ansi (1.5.0)
    ast (2.4.0)
    celluloid (0.16.0)
      timers (~> 4.0.0)
    claide (1.0.3)
    claide-plugins (0.9.2)
      cork
      nap
      open4 (~> 1.3)
    coderay (1.1.2)
    colored2 (3.1.2)
    cork (0.3.0)
      colored2 (~> 3.1)
    danger (6.1.0)
      claide (~> 1.0)
      claide-plugins (>= 0.9.2)
      colored2 (~> 3.1)
      cork (~> 0.1)
      faraday (~> 0.9)
      faraday-http-cache (~> 2.0)
      git (~> 1.5)
      kramdown (~> 2.0)
      kramdown-parser-gfm (~> 1.0)
      no_proxy_fix
      octokit (~> 4.7)
      terminal-table (~> 1)
    danger-android_lint (0.0.7)
      danger-plugin-api (~> 1.0)
      oga
    danger-auto_label (1.3.1)
      danger-plugin-api (~> 1.0)
    danger-plugin-api (1.0.0)
      danger (> 2.0)
    faraday (0.17.1)
      multipart-post (>= 1.2, < 3)
    faraday-http-cache (2.0.0)
      faraday (~> 0.8)
    ffi (1.11.3)
    formatador (0.2.5)
    git (1.5.0)
    guard (2.6.1)
      formatador (>= 0.2.4)
      listen (~> 2.7)
      lumberjack (~> 1.0)
      pry (>= 0.9.12)
      thor (>= 0.18.1)
    guard-gradle (0.5.0)
      guard (~> 2.6.1)
    hitimes (2.0.0)
    kramdown (2.1.0)
    kramdown-parser-gfm (1.1.0)
      kramdown (~> 2.0)
    listen (2.10.1)
      celluloid (~> 0.16.0)
      rb-fsevent (>= 0.9.3)
      rb-inotify (>= 0.9)
    lumberjack (1.0.13)
    method_source (0.9.2)
    multipart-post (2.1.1)
    nap (1.1.0)
    no_proxy_fix (0.1.2)
    octokit (4.14.0)
      sawyer (~> 0.8.0, >= 0.5.3)
    oga (3.0)
      ast
      ruby-ll (~> 2.1)
    open4 (1.3.4)
    pry (0.12.2)
      coderay (~> 1.1.0)
      method_source (~> 0.9.0)
    public_suffix (4.0.6)
    rb-fsevent (0.10.3)
    rb-inotify (0.10.0)
      ffi (~> 1.0)
    ruby-ll (2.1.2)
      ansi
      ast
    sawyer (0.8.2)
      addressable (>= 2.3.5)
      faraday (> 0.8, < 2.0)
    terminal-notifier-guard (1.7.0)
    terminal-table (1.8.0)
      unicode-display_width (~> 1.1, >= 1.1.1)
    thor (1.0.1)
    timers (4.0.4)
      hitimes
    unicode-display_width (1.6.0)

PLATFORMS
  ruby

DEPENDENCIES
  danger
  danger-android_lint
  danger-auto_label
  guard-gradle
  terminal-notifier-guard

BUNDLED WITH
   1.17.2
